GIT
  remote: git://github.com/mojombo/grit.git
  revision: 8b5449e559879d74224bce3c9c52b0d17bbc0b4b
  specs:
    grit (2.4.1)
      diff-lcs (~> 1.1)
      mime-types (~> 1.15)
      posix-spawn (~> 0.3.6)

GIT
  remote: git://github.com/saberma/activemerchant_patch_for_china.git
  revision: c82ee96c1ce07c8d20406f5ff42df1c9064a9ac8
  specs:
    activemerchant_patch_for_china (0.1.6)
      activemerchant (>= 1.4.2)

GIT
  remote: git://github.com/saberma/gollum.git
  revision: ee3874033a52cb261b43fedd5215a092f299e8ff
  specs:
    gollum (1.3.1)
      github-markup (>= 0.7.0, < 1.0.0)
      grit (~> 2.4.1)
      mustache (>= 0.11.2, < 1.0.0)
      nokogiri (~> 1.4)
      posix-spawn (~> 0.3.0)
      pygments.rb (~> 0.2.0)
      redcarpet
      sanitize (~> 2.0.0)
      sinatra (~> 1.0)

GIT
  remote: git://github.com/swanandp/acts_as_list.git
  revision: f62c43265f0e47fe7666a93849abad5aa7c5c6d3
  specs:
    acts_as_list (0.1.8)

GEM
  remote: http://rubygems.org/
  specs:
    RedCloth (4.2.9)
    actionmailer (3.2.7)
      actionpack (= 3.2.7)
      mail (~> 2.4.4)
    actionpack (3.2.7)
      activemodel (= 3.2.7)
      activesupport (= 3.2.7)
      builder (~> 3.0.0)
      erubis (~> 2.7.0)
      journey (~> 1.0.4)
      rack (~> 1.4.0)
      rack-cache (~> 1.2)
      rack-test (~> 0.6.1)
      sprockets (~> 2.1.3)
    active_hash (0.9.6)
      activesupport (>= 2.2.2)
    active_utils (1.0.3)
      activesupport (>= 2.3.11)
      i18n
    activeadmin (0.4.4)
      bourbon (>= 1.0.0)
      devise (>= 1.1.2)
      fastercsv
      formtastic (~> 2.1.1)
      inherited_resources (>= 1.3.1)
      jquery-rails (>= 1.0.0)
      kaminari (>= 0.13.0)
      meta_search (>= 0.9.2)
      rails (>= 3.0.0)
      sass (>= 3.1.0)
    activemerchant (1.21.0)
      active_utils (>= 1.0.2)
      activesupport (>= 2.3.11)
      builder (>= 2.0.0)
      i18n
      json (>= 1.5.1)
      money (<= 3.7.1)
    activemodel (3.2.7)
      activesupport (= 3.2.7)
      builder (~> 3.0.3)
    activerecord (3.2.7)
      activemodel (= 3.2.7)
      activesupport (= 3.2.7)
      arel (~> 3.0.2)
      tzinfo (~> 0.3.29)
    activeresource (3.2.7)
      activemodel (= 3.2.7)
      activesupport (= 3.2.7)
    activesupport (3.2.7)
      i18n (~> 0.6)
      multi_json (~> 1.0)
    addressable (2.2.8)
    arel (3.0.2)
    awesome_print (1.0.2)
    bcrypt-ruby (3.0.1)
    blankslate (2.1.2.4)
    bourbon (2.1.1)
      sass (>= 3.1)
    builder (3.0.3)
    capistrano (2.12.0)
      highline
      net-scp (>= 1.0.0)
      net-sftp (>= 2.0.0)
      net-ssh (>= 2.0.14)
      net-ssh-gateway (>= 1.1.0)
    capybara (1.1.2)
      mime-types (>= 1.16)
      nokogiri (>= 1.3.3)
      rack (>= 1.0.0)
      rack-test (>= 0.5.4)
      selenium-webdriver (~> 2.0)
      xpath (~> 0.1.4)
    carrierwave (0.6.2)
      activemodel (>= 3.2.0)
      activesupport (>= 3.2.0)
    childprocess (0.3.4)
      ffi (~> 1.0, >= 1.0.6)
    chinese_pinyin (0.3.0)
    chunky_png (1.2.5)
    client_side_validations (3.1.3)
    coffee-rails (3.2.2)
      coffee-script (>= 2.2.0)
      railties (~> 3.2.0)
    coffee-script (2.2.0)
      coffee-script-source
      execjs
    coffee-script-source (1.3.3)
    compass (0.13.alpha.0)
      chunky_png (~> 1.2)
      fssm (>= 0.2.7)
      sass (~> 3.2.0.alpha.93)
    compass-rails (1.0.2)
      compass (>= 0.12.0, < 0.14)
    crack (0.1.8)
    database_cleaner (0.6.7)
    decent_exposure (1.0.1)
    default_value_for (1.0.5)
    devise (2.1.2)
      bcrypt-ruby (~> 3.0)
      orm_adapter (~> 0.1)
      railties (~> 3.1)
      warden (~> 1.2.1)
    diff-lcs (1.1.3)
    doorkeeper (0.4.0)
      railties (~> 3.1)
    dragonfly (0.9.8)
      rack
    em-websocket (0.3.6)
      addressable (>= 2.1.1)
      eventmachine (>= 0.12.9)
    erubis (2.7.0)
    eventmachine (0.12.10)
    exception_notification (2.6.1)
      actionmailer (>= 3.0.4)
    execjs (1.4.0)
      multi_json (~> 1.0)
    factory_girl (2.1.2)
      activesupport
    factory_girl_rails (1.2.0)
      factory_girl (~> 2.1.0)
      railties (>= 3.0.0)
    faraday (0.8.1)
      multipart-post (~> 1.1)
    fastercsv (1.5.5)
    ffi (1.0.11)
    formtastic (2.1.1)
      actionpack (~> 3.0)
    fssm (0.2.9)
    github-markup (0.7.0)
    guard (1.2.1)
      listen (>= 0.4.2)
      thor (>= 0.14.6)
    guard-livereload (1.0.0)
      em-websocket (>= 0.2.0)
      guard (>= 1.1.0)
      multi_json (~> 1.0)
    haml (3.2.0.alpha.14)
      tilt
    haml-rails (0.3.4)
      actionpack (~> 3.0)
      activesupport (~> 3.0)
      haml (~> 3.0)
      railties (~> 3.0)
    has_scope (0.5.1)
    highline (1.6.13)
    hike (1.2.1)
    httparty (0.7.8)
      crack (= 0.1.8)
    httpauth (0.1)
    i18n (0.6.0)
    inherited_resources (1.3.1)
      has_scope (~> 0.5.0)
      responders (~> 0.6)
    journey (1.0.4)
    jquery-rails (1.0.13)
      railties (~> 3.0)
      thor (~> 0.14)
    json (1.7.4)
    json_expressions (0.7.2)
    jwt (0.1.5)
      multi_json (>= 1.0)
    kaminari (0.13.0)
      actionpack (>= 3.0.0)
      activesupport (>= 3.0.0)
      railties (>= 3.0.0)
    kgio (2.6.0)
    launchy (2.1.0)
      addressable (~> 2.2.6)
    letter_opener (1.0.0)
      launchy (>= 2.0.4)
    libwebsocket (0.1.5)
      addressable
    liquid (2.3.0)
    listen (0.4.6)
      rb-fchange (~> 0.0.5)
      rb-fsevent (~> 0.9.1)
      rb-inotify (~> 0.8.8)
    macaddr (1.5.0)
      systemu (>= 2.4.0)
    mail (2.4.4)
      i18n (>= 0.4.0)
      mime-types (~> 1.16)
      treetop (~> 1.4.8)
    memcache-client (1.8.5)
    message_block (1.0.4)
      rails (>= 3.0.0)
    meta_search (1.1.3)
      actionpack (~> 3.1)
      activerecord (~> 3.1)
      activesupport (~> 3.1)
      polyamorous (~> 0.5.0)
    mime-types (1.19)
    mini_magick (3.3)
      subexec (~> 0.1.0)
    money (3.7.1)
      i18n (~> 0.4)
      json
    multi_json (1.3.6)
    multipart-post (1.1.5)
    mustache (0.99.4)
    net-scp (1.0.4)
      net-ssh (>= 1.99.1)
    net-sftp (2.0.5)
      net-ssh (>= 2.0.9)
    net-ssh (2.5.2)
    net-ssh-gateway (1.1.0)
      net-ssh (>= 1.99.1)
    nokogiri (1.5.2)
    oauth2 (0.8.0)
      faraday (~> 0.8)
      httpauth (~> 0.1)
      jwt (~> 0.1.4)
      multi_json (~> 1.0)
      rack (~> 1.2)
    orm_adapter (0.4.0)
    pg (0.11.0)
    polyamorous (0.5.0)
      activerecord (~> 3.0)
    polyglot (0.3.3)
    posix-spawn (0.3.6)
    pr_geohash (1.0.0)
    pygments.rb (0.2.4)
      rubypython (~> 0.5.3)
    rabl (0.6.13)
      activesupport (>= 2.3.14)
      multi_json (~> 1.0)
    rack (1.4.7)
    rack-cache (1.2)
      rack (>= 0.4)
    rack-protection (1.2.0)
      rack
    rack-ssl (1.3.2)
      rack
    rack-test (0.6.1)
      rack (>= 1.0)
    rails (3.2.7)
      actionmailer (= 3.2.7)
      actionpack (= 3.2.7)
      activerecord (= 3.2.7)
      activeresource (= 3.2.7)
      activesupport (= 3.2.7)
      bundler (~> 1.0)
      railties (= 3.2.7)
    rails3-generators (0.17.4)
      railties (>= 3.0.0)
    railties (3.2.7)
      actionpack (= 3.2.7)
      activesupport (= 3.2.7)
      rack-ssl (~> 1.3.2)
      rake (>= 0.8.7)
      rdoc (~> 3.4)
      thor (>= 0.14.6, < 2.0)
    raindrops (0.7.0)
    rake (0.9.2.2)
    rb-fchange (0.0.5)
      ffi
    rb-fsevent (0.9.1)
    rb-inotify (0.8.8)
      ffi (>= 0.5.0)
    rdoc (3.12)
      json (~> 1.4)
    redcarpet (2.0.1)
    redis (3.0.1)
    redis-namespace (1.2.0)
      redis (~> 3.0.0)
    responders (0.9.2)
      railties (~> 3.1)
    resque (1.21.0)
      multi_json (~> 1.0)
      redis-namespace (~> 1.0)
      sinatra (>= 0.9.2)
      vegas (~> 0.1.2)
    resque-scheduler (2.0.0)
      redis (>= 2.0.1)
      resque (>= 1.20.0)
      rufus-scheduler
    resque_spec (0.7.0)
      resque (>= 1.15.0)
      rspec (>= 2.5.0)
    rsolr (1.0.8)
      builder (>= 2.1.2)
    rspec (2.11.0)
      rspec-core (~> 2.11.0)
      rspec-expectations (~> 2.11.0)
      rspec-mocks (~> 2.11.0)
    rspec-core (2.11.1)
    rspec-expectations (2.11.2)
      diff-lcs (~> 1.1.3)
    rspec-mocks (2.11.1)
    rspec-rails (2.11.0)
      actionpack (>= 3.0)
      activesupport (>= 3.0)
      railties (>= 3.0)
      rspec (~> 2.11.0)
    rubypython (0.5.3)
      blankslate (>= 2.1.2.3)
      ffi (~> 1.0.7)
    rubyzip (0.9.9)
    rufus-scheduler (2.0.17)
      tzinfo (>= 0.3.23)
    rvm-capistrano (1.2.5)
      capistrano (>= 2.0.0)
    sanitize (2.0.3)
      nokogiri (>= 1.4.4, < 1.6)
    sass (3.2.0.alpha.275)
    sass-rails (3.2.5)
      railties (~> 3.2.0)
      sass (>= 3.1.10)
      tilt (~> 1.3)
    sassy-buttons (0.1.1)
      compass (>= 0.12.1)
    seedbank (0.0.7)
    selenium-webdriver (2.25.0)
      childprocess (>= 0.2.5)
      libwebsocket (~> 0.1.3)
      multi_json (~> 1.0)
      rubyzip
    sentient_user (0.3.2)
    settingslogic (2.0.6)
    sinatra (1.3.2)
      rack (~> 1.3, >= 1.3.6)
      rack-protection (~> 1.2)
      tilt (~> 1.3, >= 1.3.3)
    sitemap_generator (2.1.6)
    spork (0.9.2)
    sprockets (2.1.3)
      hike (~> 1.2)
      rack (~> 1.0)
      tilt (~> 1.1, != 1.3.0)
    squeel (0.9.3)
      activerecord (~> 3.0)
      activesupport (~> 3.0)
      polyamorous (~> 0.5.0)
    subexec (0.1.0)
    sunspot (1.3.3)
      pr_geohash (~> 1.0)
      rsolr (~> 1.0.7)
    sunspot_rails (1.3.3)
      nokogiri
      sunspot (= 1.3.3)
    sunspot_solr (1.3.3)
    susy (1.0.rc.1)
      compass (>= 0.12.2.rc.0)
      sass (>= 3.2.0.alpha.237)
    systemu (2.4.0)
    thor (0.15.4)
    tilt (1.3.3)
    timecop (0.3.5)
    treetop (1.4.10)
      polyglot
      polyglot (>= 0.3.1)
    tzinfo (0.3.33)
    uglifier (1.0.2)
      execjs (>= 0.3.0)
      multi_json (>= 1.0.2)
    unicorn (4.1.1)
      kgio (~> 2.4)
      rack
      raindrops (~> 0.6)
    uuid (2.3.4)
      macaddr (~> 1.0)
    vegas (0.1.11)
      rack (>= 1.0.0)
    warden (1.2.1)
      rack (>= 1.0)
    webmock (1.7.10)
      addressable (~> 2.2, > 2.2.5)
      crack (>= 0.1.7)
    xpath (0.1.4)
      nokogiri (~> 1.3)

PLATFORMS
  ruby

DEPENDENCIES
  RedCloth
  active_hash
  activeadmin
  activemerchant
  activemerchant_patch_for_china!
  acts_as_list!
  awesome_print
  capybara (~> 1.1.2)
  carrierwave (~> 0.6.2)
  chinese_pinyin
  client_side_validations
  coffee-rails
  compass-rails
  database_cleaner
  decent_exposure
  default_value_for
  devise (~> 2.1.2)
  doorkeeper (~> 0.4.0)
  dragonfly (~> 0.9.8)
  exception_notification
  factory_girl
  factory_girl_rails
  gollum!
  grit!
  guard-livereload
  haml (~> 3.2.0.alpha.14)
  haml-rails
  httparty
  jquery-rails
  json_expressions
  kaminari
  letter_opener (~> 1.0.0)
  liquid (~> 2.3.0)
  memcache-client
  message_block
  meta_search (~> 1.1.1)
  mini_magick
  nokogiri
  oauth2 (~> 0.8.0)
  pg
  rabl
  rack-cache
  rails (= 3.2.7)
  rails3-generators
  resque (~> 1.21.0)
  resque-scheduler (~> 2.0.0)
  resque_spec
  rspec-rails
  rubyzip
  rvm-capistrano (~> 1.2.5)
  sass-rails
  sassy-buttons
  seedbank
  selenium-webdriver (~> 2.25.0)
  sentient_user
  settingslogic
  sitemap_generator
  spork
  squeel
  sunspot_rails (~> 1.3.3)
  sunspot_solr (~> 1.3.3)
  susy (~> 1.0.rc.1)
  timecop
  uglifier
  unicorn
  uuid
  webmock
